PATH
  remote: .
  specs:
    linner (0.1.5)
      coffee-script (~> 2.2)
      cssminify (~> 1.0.2)
      listen (~> 1.2)
      multi_json (~> 1.7)
      sass (~> 3.2)
      terminal-notifier (~> 1.4)
      thor (~> 0.18)
      tilt (~> 1.4)
      uglifier (~> 2.1)

GEM
  remote: https://rubygems.org/
  specs:
    coffee-script (2.2.0)
      coffee-script-source
      execjs
    coffee-script-source (1.6.3)
    cssminify (1.0.2)
    diff-lcs (1.2.4)
    execjs (1.4.0)
      multi_json (~> 1.0)
    ffi (1.9.0)
    listen (1.2.2)
      rb-fsevent (>= 0.9.3)
      rb-inotify (>= 0.9)
      rb-kqueue (>= 0.2)
    multi_json (1.7.7)
    rake (10.1.0)
    rb-fsevent (0.9.3)
    rb-inotify (0.9.0)
      ffi (>= 0.5.0)
    rb-kqueue (0.2.0)
      ffi (>= 0.5.0)
    rspec (2.14.1)
      rspec-core (~> 2.14.0)
      rspec-expectations (~> 2.14.0)
      rspec-mocks (~> 2.14.0)
    rspec-core (2.14.3)
    rspec-expectations (2.14.0)
      diff-lcs (>= 1.1.3, < 2.0)
    rspec-mocks (2.14.1)
    sass (3.2.9)
    terminal-notifier (1.4.2)
    thor (0.18.1)
    tilt (1.4.1)
    uglifier (2.1.2)
      execjs (>= 0.3.0)
      multi_json (~> 1.0, >= 1.0.2)

PLATFORMS
  ruby

DEPENDENCIES
  bundler (~> 1.3)
  linner!
  rake
  rspec (~> 2.14)
